GEM
  specs:
    dotenv (3.1.4)
    openai (0.3.0)

PLATFORMS
  ruby
  x86_64-linux

DEPENDENCIES
  dotenv
  openai

BUNDLED WITH
   2.5.22
